PATH
  remote: .
  specs:
    pfrpg_races (0.1.2)

GEM
  remote: https://rubygems.org/
  specs:
    minitest (5.5.0)
    pfrpg_skills (0.1.1)
    pfrpg_tables (0.1.1)
    pfrpg_utility (0.1.1)
    rake (10.4.2)

PLATFORMS
  ruby

DEPENDENCIES
  minitest
  pfrpg_races!
  pfrpg_skills (>= 0.1.1)
  pfrpg_tables (>= 0.1.0)
  pfrpg_utility (>= 0.1.1)
  rake
